PATH
  remote: .
  specs:
    mint_http (1.1.0)
      base64
      json
      net-http
      openssl
      resolv
      uri

GEM
  remote: https://rubygems.org/
  specs:
    base64 (0.2.0)
    json (2.7.2)
    minitest (5.18.0)
    mutex_m (0.2.0)
    net-http (0.4.1)
      uri
    openssl (3.2.0)
    rake (13.0.6)
    resolv (0.4.0)
    resolv-replace (0.1.1)
      resolv
    uri (0.13.0)

PLATFORMS
  arm64-darwin-22
  arm64-darwin-23
  arm64-darwin-24

DEPENDENCIES
  minitest (~> 5.0)
  mint_http!
  mutex_m
  rake (~> 13.0)
  resolv-replace

BUNDLED WITH
   2.5.6
