PATH
  remote: .
  specs:
    mint_http (0.1.8)
      base64
      json
      net-http
      openssl
      uri

GEM
  remote: https://rubygems.org/
  specs:
    base64 (0.2.0)
    json (2.7.2)
    minitest (5.18.0)
    net-http (0.4.1)
      uri
    openssl (3.2.0)
    rake (13.0.6)
    uri (0.13.0)

PLATFORMS
  arm64-darwin-22

DEPENDENCIES
  minitest (~> 5.0)
  mint_http!
  rake (~> 13.0)

BUNDLED WITH
   2.3.16
